GEM
  remote: https://rubygems.org/
  specs:
    libv8 (3.16.14.7)
    rack (1.6.0)
    rack-protection (1.5.3)
      rack
    ref (1.0.5)
    shotgun (0.9.1)
      rack (>= 1.0)
    sinatra (1.4.6)
      rack (~> 1.4)
      rack-protection (~> 1.4)
      tilt (>= 1.3, < 3)
    therubyracer (0.12.2)
      libv8 (~> 3.16.14.0)
      ref
    tilt (2.0.1)

PLATFORMS
  ruby

DEPENDENCIES
  shotgun
  sinatra
  therubyracer
